GEM
  remote: https://rubygems.org/
  specs:
    commonmarker (0.7.0)
      ruby-enum (~> 0.4)
    i18n (0.7.0)
    ruby-enum (0.5.0)
      i18n

PLATFORMS
  ruby

DEPENDENCIES
  commonmarker

BUNDLED WITH
   1.11.2
