GEM
  remote: https://rubygems.org/
  specs:
    commonmarker (0.8.0)
      ruby-enum (~> 0.4)
    i18n (0.7.0)
    minitest (5.8.4)
    rake (11.1.2)
    ruby-enum (0.5.0)
      i18n

PLATFORMS
  ruby

DEPENDENCIES
  commonmarker
  minitest
  rake

BUNDLED WITH
   1.11.2
